PATH
  remote: .
  specs:
    acts_as_restricted_subdomain (3.0.0)
      actionpack
      activerecord

GEM
  remote: http://rubygems.org/
  specs:
    actionpack (4.0.8)
      activesupport (= 4.0.8)
      builder (~> 3.1.0)
      erubis (~> 2.7.0)
      rack (~> 1.5.2)
      rack-test (~> 0.6.2)
    activemodel (4.0.8)
      activesupport (= 4.0.8)
      builder (~> 3.1.0)
    activerecord (4.0.8)
      activemodel (= 4.0.8)
      activerecord-deprecated_finders (~> 1.0.2)
      activesupport (= 4.0.8)
      arel (~> 4.0.0)
    activerecord-deprecated_finders (1.0.3)
    activesupport (4.0.8)
      i18n (~> 0.6, >= 0.6.9)
      minitest (~> 4.2)
      multi_json (~> 1.3)
      thread_safe (~> 0.1)
      tzinfo (~> 0.3.37)
    arel (4.0.2)
    builder (3.1.4)
    erubis (2.7.0)
    i18n (0.6.11)
    minitest (4.7.5)
    multi_json (1.10.1)
    rack (1.5.2)
    rack-test (0.6.2)
      rack (>= 1.0)
    rake (10.3.2)
    sqlite3 (1.3.9)
    sqlite3-ruby (1.3.3)
      sqlite3 (>= 1.3.3)
    thread_safe (0.3.4)
    tzinfo (0.3.40)

PLATFORMS
  ruby

DEPENDENCIES
  actionpack (~> 4.0.0)
  activerecord (~> 4.0.0)
  acts_as_restricted_subdomain!
  rake
  sqlite3-ruby
